GEM
  remote: https://rubygems.org/
  specs:
		sinatra, (1.4.7)
		sinatra-contrib, (1.4.7)
		json, (1.8.2)
		
PLATFORMS
  ruby

DEPENDENCIES
